GEM
  remote: https://api.rubygems.org/
  specs:
    RedCloth (4.2.9)
      bundler (~> 1.0.10)
      diff-lcs (~> 1.1.2)
      rake (~> 0.8.7)
      rake-compiler (~> 0.7.1)
      rspec (~> 2.4)
      rvm (~> 1.2.6)
    blankslate (2.1.2.4)
      bundler
      rspec
    classifier (1.3.4)
      fast-stemmer (>= 1.0.0)
    colorator (0.1)
      rake (~> 10.0)
      rspec (~> 2.13.0)
    commander (4.1.5)
      highline (~> 1.6.11)
      rake
      rspec (~> 2)
      simplecov
    fast-stemmer (1.0.2)
    ffi (1.9.3)
      rake
      rake-compiler (>= 0.6.0)
      rspec
      rubygems-tasks
    github-pages (14)
      RedCloth (= 4.2.9)
      jekyll (= 1.4.3)
      kramdown (= 1.3.1)
      liquid (= 2.5.5)
      maruku (= 0.7.0)
      rdiscount (= 2.1.7)
      redcarpet (= 2.3.0)
    highline (1.6.20)
    jekyll (1.4.3)
      RedCloth (~> 4.2)
      activesupport (~> 3.2.13)
      classifier (~> 1.3)
      colorator (~> 0.1)
      commander (~> 4.1.3)
      coveralls (~> 0.7.0)
      cucumber (~> 1.3)
      jekyll_test_plugin
      kramdown (~> 1.2)
      launchy (~> 2.3)
      liquid (~> 2.5.5)
      listen (~> 1.3)
      maruku (~> 0.7.0)
      mime-types (~> 1.5)
      pygments.rb (~> 0.5.0)
      rake (~> 10.1)
      rdiscount (~> 1.6)
      rdoc (~> 3.11)
      redcarpet (~> 2.3.0)
      redgreen (~> 1.2)
      rr (~> 1.1)
      safe_yaml (~> 0.9.7)
      shoulda (~> 3.3.2)
      simplecov (~> 0.7)
      simplecov-gem-adapter (~> 1.0.1)
      toml (~> 0.1.0)
    kramdown (1.3.1)
      coderay (~> 1.0.0)
      minitest (~> 5.0)
      prawn (~> 0.13)
      stringex (~> 1.5.1)
    liquid (2.5.5)
    listen (1.3.1)
      bundler
      rb-fsevent (>= 0.9.3)
      rb-inotify (>= 0.9)
      rb-kqueue (>= 0.2)
      rspec
    maruku (0.7.0)
    parslet (1.5.0)
      blankslate (~> 2.0)
      flexmock
      growl
      guard
      guard-rspec
      rb-fsevent
      rdoc
      rspec
      sdoc
    posix-spawn (0.3.8)
      rake-compiler (= 0.7.6)
    pygments.rb (0.5.4)
      posix-spawn (~> 0.3.6)
      rake-compiler (~> 0.7.6)
      yajl-ruby (~> 1.1.0)
    rb-fsevent (0.9.4)
      bundler (~> 1.0)
      guard-rspec (~> 4.2)
      rspec (~> 2.11)
    rb-inotify (0.9.3)
      ffi (>= 0.5.0)
      yard (>= 0.4.0)
    rb-kqueue (0.2.0)
      ffi (>= 0.5.0)
      yard (>= 0.4.0)
    rdiscount (2.1.7)
    redcarpet (2.3.0)
      bluecloth
      kramdown
      nokogiri
      rake-compiler
      test-unit
    safe_yaml (0.9.7)
    toml (0.1.0)
      parslet (~> 1.5.0)
    yajl-ruby (1.1.0)
      activesupport
      json
      rake-compiler (>= 0.7.5)
      rspec (>= 2.0.0)

PLATFORMS
  ruby

DEPENDENCIES
  RedCloth (= 4.2.9)
  blankslate (~> 2.0)
  classifier (~> 1.3)
  colorator (~> 0.1)
  commander (~> 4.1.3)
  fast-stemmer (>= 1.0.0)
  ffi (>= 0.5.0)
  github-pages (= 14)
  highline (~> 1.6.11)
  jekyll (= 1.4.3)
  kramdown (= 1.3.1)
  liquid (= 2.5.5)
  listen (~> 1.3)
  maruku (= 0.7.0)
  parslet (~> 1.5.0)
  posix-spawn (~> 0.3.6)
  pygments.rb (~> 0.5.0)
  rb-fsevent (>= 0.9.3)
  rb-inotify (>= 0.9)
  rb-kqueue (>= 0.2)
  rdiscount (= 2.1.7)
  redcarpet (= 2.3.0)
  safe_yaml (~> 0.9.7)
  toml (~> 0.1.0)
  yajl-ruby (~> 1.1.0)
